PATH
  remote: .
  specs:
    em-resolv-replace (1.1.3)

GEM
  remote: https://rubygems.org/
  specs:
    eventmachine (1.0.8)
    metaclass (0.0.4)
    mocha (0.14.0)
      metaclass (~> 0.0.1)
    shoulda (2.11.3)

PLATFORMS
  ruby

DEPENDENCIES
  em-resolv-replace!
  eventmachine
  mocha (= 0.14.0)
  shoulda (= 2.11.3)
